GEM
  remote: http://rubygems.org/
  specs:
    geocoder (1.1.2)

PLATFORMS
  ruby

DEPENDENCIES
  geocoder
